GIT
  remote: git://github.com/jdutil/spree_contact_us.git
  revision: a55281239b0e73a493a4e488b28ac3f56fa52d17
  specs:
    spree_contact_us (2.2.0)
      spree_core (~> 3.0.0.beta)

GIT
  remote: git://github.com/pero-ict-solutions/spree-static-content.git
  revision: 78b4248dfcedd1f69983b080a6782c3517a40505
  specs:
    spree_static_content (3.0.0.beta)
      spree_core (~> 3.0.0.beta)

GIT
  remote: git://github.com/pero-ict-solutions/spree_image_cropper.git
  revision: fd0e79a2bfaf3f3584198d4852bef1a20112f675
  specs:
    spree_image_cropper (1.3.0)
      coffee-rails
      sass-rails
      spree_core (~> 3.0.0.rc2)

GIT
  remote: git://github.com/pero-ict-solutions/spree_mollie.git
  revision: 61923a1a87bfac11c44cfc6a9b1353b33d50d90f
  branch: 3-0-stable
  specs:
    spree_mollie (3.0.0.beta)
      mollie-ruby (= 0.2.0)
      spree_core (~> 3.0.0.beta)

GIT
  remote: git://github.com/pero-ict-solutions/spree_taxon_filters.git
  revision: 3324db846b939c8527e6cfa841174656ff56c8b6
  specs:
    spree_taxon_filters (3.0.0)
      spree_core (~> 3.0.0.rc2)

GIT
  remote: git://github.com/spree-contrib/spree_email_to_friend.git
  revision: 600e4a2ee106907204295294ad32fb51ada397a9
  branch: 3-0-stable
  specs:
    spree_email_to_friend (1.3.0)
      recaptcha (>= 0.3.1)
      spree_core (~> 3.0.0.rc2)

GIT
  remote: git://github.com/spree-contrib/spree_mail_settings.git
  revision: f8824df89530c1da1c8669ec5292ae7a4e6e79b8
  branch: 3-0-stable
  specs:
    spree_mail_settings (2.2.0)
      spree_backend (~> 3.0.0.rc2)

GIT
  remote: git://github.com/spree/spree.git
  revision: f664eafa8b4c35f3dcea39f889a86391470b4759
  branch: 3-0-stable
  specs:
    spree (3.0.0.rc5)
      spree_api (= 3.0.0.rc5)
      spree_backend (= 3.0.0.rc5)
      spree_cmd (= 3.0.0.rc5)
      spree_core (= 3.0.0.rc5)
      spree_frontend (= 3.0.0.rc5)
      spree_sample (= 3.0.0.rc5)
    spree_api (3.0.0.rc5)
      rabl (~> 0.9.4.pre1)
      spree_core (= 3.0.0.rc5)
      versioncake (~> 2.3.1)
    spree_backend (3.0.0.rc5)
      bootstrap-sass (~> 3.3.1)
      jquery-rails (~> 4.0.3)
      jquery-ui-rails (~> 5.0.0)
      select2-rails (= 3.5.9.1)
      spree_api (= 3.0.0.rc5)
      spree_core (= 3.0.0.rc5)
      sprockets-rails (~> 2.2)
    spree_cmd (3.0.0.rc5)
      thor (~> 0.14)
    spree_core (3.0.0.rc5)
      activemerchant (~> 1.46.0)
      acts_as_list (~> 0.6)
      awesome_nested_set (~> 3.0.1)
      cancancan (~> 1.10.1)
      carmen (~> 1.0.0)
      deface (~> 1.0.0)
      ffaker (~> 1.16)
      font-awesome-rails (~> 4.0)
      friendly_id (~> 5.1.0)
      highline (~> 1.6.18)
      httparty (~> 0.11)
      json (~> 1.7)
      kaminari (~> 0.15, >= 0.15.1)
      monetize (~> 1.1)
      paperclip (~> 4.2.0)
      paranoia (~> 2.1.0)
      premailer-rails
      rails (~> 4.2.0)
      ransack (~> 1.4.1)
      responders
      state_machines-activerecord (~> 0.2)
      stringex
      truncate_html (= 0.9.2)
      twitter_cldr (~> 3.0)
    spree_frontend (3.0.0.rc5)
      bootstrap-sass (~> 3.3.1)
      canonical-rails (~> 0.0.4)
      jquery-rails (~> 4.0.3)
      spree_api (= 3.0.0.rc5)
      spree_core (= 3.0.0.rc5)
      sprockets-rails (~> 2.2)
    spree_sample (3.0.0.rc5)
      spree_core (= 3.0.0.rc5)

GIT
  remote: git://github.com/spree/spree_auth_devise.git
  revision: 07f16255c8e83cf5763f2c3510444ee1b4cdc4dd
  branch: 3-0-stable
  specs:
    spree_auth_devise (3.0.0)
      devise (~> 3.4.1)
      devise-encryptable (= 0.1.2)
      json
      multi_json
      spree_core (~> 3.0.0.beta)

PATH
  remote: spree-html-email
  specs:
    spree_html_email (1.3.0)
      coffee-rails
      sass-rails
      spree_core (~> 3.0.0.rc2)

PATH
  remote: spree_brands_on_taxons
  specs:
    spree_brands_on_taxons (3.0.0.rc2)
      aws-sdk (~> 1.61.0)
      spree_core (~> 3.0.0.rc2)

PATH
  remote: spree_impressions
  specs:
    spree_impressions (3.0.0)
      spree_core (~> 3.0.0.rc2)
      spree_image_cropper (~> 1.3.0)

PATH
  remote: spree_product_pdf
  specs:
    spree_product_pdf (1.3.0)
      coffee-rails
      sass-rails
      spree_core (~> 3.0.0.rc2)

PATH
  remote: spree_slider
  specs:
    spree_slider (1.3.0)
      aws-sdk
      coffee-rails
      sass-rails
      spree_core (~> 3.0.0.rc2)

PATH
  remote: spree_taxon_backgrounds
  specs:
    spree_taxon_backgrounds (3.0.0.rc2)
      spree_core (~> 3.0.0.rc2)

PATH
  remote: spree_ups_express_saver
  specs:
    spree_ups_express_saver (3.0.0.rc2)
      spree_core (~> 3.0.0.rc2)

PATH
  remote: spree_variant_options
  specs:
    spree_variant_options (3.0.0)
      spree_core (~> 3.0.0.rc2)

GEM
  remote: https://rubygems.org/
  specs:
    actionmailer (4.2.0)
      actionpack (= 4.2.0)
      actionview (= 4.2.0)
      activejob (= 4.2.0)
      mail (~> 2.5, >= 2.5.4)
      rails-dom-testing (~> 1.0, >= 1.0.5)
    actionpack (4.2.0)
      actionview (= 4.2.0)
      activesupport (= 4.2.0)
      rack (~> 1.6.0)
      rack-test (~> 0.6.2)
      rails-dom-testing (~> 1.0, >= 1.0.5)
      rails-html-sanitizer (~> 1.0, >= 1.0.1)
    actionview (4.2.0)
      activesupport (= 4.2.0)
      builder (~> 3.1)
      erubis (~> 2.7.0)
      rails-dom-testing (~> 1.0, >= 1.0.5)
      rails-html-sanitizer (~> 1.0, >= 1.0.1)
    activejob (4.2.0)
      activesupport (= 4.2.0)
      globalid (>= 0.3.0)
    activemerchant (1.46.0)
      activesupport (>= 3.2.14, < 5.0.0)
      builder (>= 2.1.2, < 4.0.0)
      i18n (>= 0.6.9)
      nokogiri (~> 1.4)
    activemodel (4.2.0)
      activesupport (= 4.2.0)
      builder (~> 3.1)
    activerecord (4.2.0)
      activemodel (= 4.2.0)
      activesupport (= 4.2.0)
      arel (~> 6.0)
    activesupport (4.2.0)
      i18n (~> 0.7)
      json (~> 1.7, >= 1.7.7)
      minitest (~> 5.1)
      thread_safe (~> 0.3, >= 0.3.4)
      tzinfo (~> 1.1)
    acts_as_list (0.6.0)
      activerecord (>= 3.0)
    addressable (2.3.7)
    appsignal (0.11.4)
      rack
      thread_safe
    arel (6.0.0)
    autoprefixer-rails (5.1.7)
      execjs
      json
    awesome_nested_set (3.0.2)
      activerecord (>= 4.0.0, < 5)
    awesome_print (1.6.1)
    aws-sdk (1.61.0)
      aws-sdk-v1 (= 1.61.0)
    aws-sdk-v1 (1.61.0)
      json (~> 1.4)
      nokogiri (>= 1.4.4)
    bcrypt (3.1.10)
    better_errors (2.1.1)
      coderay (>= 1.0.0)
      erubis (>= 2.6.6)
      rack (>= 0.9.0)
    binding_of_caller (0.7.2)
      debug_inspector (>= 0.0.1)
    bootstrap-sass (3.3.3)
      autoprefixer-rails (>= 5.0.0.1)
      sass (>= 3.2.19)
    builder (3.2.2)
    byebug (3.5.1)
      columnize (~> 0.8)
      debugger-linecache (~> 1.2)
      slop (~> 3.6)
    callsite (0.0.11)
    camertron-eprun (1.1.0)
    cancancan (1.10.1)
    canonical-rails (0.0.7)
      rails (>= 3.1, < 5.0)
    capybara (2.4.4)
      mime-types (>= 1.16)
      nokogiri (>= 1.3.3)
      rack (>= 1.0.0)
      rack-test (>= 0.5.4)
      xpath (~> 2.0)
    carmen (1.0.1)
      unicode_utils (~> 1.4.0)
    cldr-plurals-runtime-rb (1.0.0)
    climate_control (0.0.3)
      activesupport (>= 3.0)
    cocaine (0.5.7)
      climate_control (>= 0.0.3, < 1.0)
    coderay (1.1.0)
    coffee-rails (4.1.0)
      coffee-script (>= 2.2.0)
      railties (>= 4.0.0, < 5.0)
    coffee-script (2.3.0)
      coffee-script-source
      execjs
    coffee-script-source (1.9.1)
    colorize (0.7.5)
    columnize (0.9.0)
    css_parser (1.3.6)
      addressable
    debug_inspector (0.0.2)
    debugger-linecache (1.2.0)
    deface (1.0.1)
      colorize (>= 0.5.8)
      nokogiri (~> 1.6.0)
      polyglot
      rails (>= 3.1)
    devise (3.4.1)
      bcrypt (~> 3.0)
      orm_adapter (~> 0.1)
      railties (>= 3.2.6, < 5)
      responders
      thread_safe (~> 0.1)
      warden (~> 1.2.3)
    devise-encryptable (0.1.2)
      devise (>= 2.1.0)
    diff-lcs (1.2.5)
    erubis (2.7.0)
    execjs (2.3.0)
    fancybox2-rails (0.2.8)
      railties (>= 3.1.0, < 5.0)
    ffaker (1.32.1)
    font-awesome-rails (4.3.0.0)
      railties (>= 3.2, < 5.0)
    friendly_id (5.1.0)
      activerecord (>= 4.0.0)
    geoip (1.4.0)
    globalid (0.3.3)
      activesupport (>= 4.1.0)
    highline (1.6.21)
    hike (1.2.3)
    htmlentities (4.3.3)
    httparty (0.13.3)
      json (~> 1.8)
      multi_xml (>= 0.5.2)
    i18n (0.7.0)
    interception (0.5)
    jbuilder (2.2.9)
      activesupport (>= 3.0.0, < 5)
      multi_json (~> 1.2)
    jquery-rails (4.0.3)
      rails-dom-testing (~> 1.0)
      railties (>= 4.2.0)
      thor (>= 0.14, < 2.0)
    jquery-ui-rails (5.0.3)
      railties (>= 3.2.16)
    json (1.8.2)
    kaminari (0.16.3)
      actionpack (>= 3.0.0)
      activesupport (>= 3.0.0)
    launchy (2.4.3)
      addressable (~> 2.3)
    letter_opener (1.3.0)
      launchy (~> 2.2)
    letter_opener_web (1.2.3)
      letter_opener (~> 1.0)
      rails (>= 3.2)
    loofah (2.0.1)
      nokogiri (>= 1.5.9)
    mail (2.6.3)
      mime-types (>= 1.16, < 3)
    meta_request (0.3.4)
      callsite (~> 0.0, >= 0.0.11)
      rack-contrib (~> 1.1)
      railties (>= 3.0.0, < 5.0.0)
    method_source (0.8.2)
    mime-types (2.4.3)
    mini_portile (0.6.2)
    minitest (5.5.1)
    mollie-ruby (0.2.0)
      httparty
    monetize (1.1.0)
      money (~> 6.5.0)
    money (6.5.1)
      i18n (>= 0.6.4, <= 0.7.0)
    multi_json (1.11.0)
    multi_xml (0.5.5)
    mysql2 (0.3.18)
    nokogiri (1.6.6.2)
      mini_portile (~> 0.6.0)
    orm_adapter (0.5.0)
    paperclip (4.2.1)
      activemodel (>= 3.0.0)
      activesupport (>= 3.0.0)
      cocaine (~> 0.5.3)
      mime-types
    paranoia (2.1.0)
      activerecord (~> 4.0)
    pg (0.18.1)
    polyamorous (1.1.0)
      activerecord (>= 3.0)
    polyglot (0.3.5)
    premailer (1.8.4)
      css_parser (>= 1.3.6)
      htmlentities (>= 4.0.0)
    premailer-rails (1.8.0)
      actionmailer (>= 3, < 5)
      premailer (~> 1.7, >= 1.7.9)
    pry (0.10.1)
      coderay (~> 1.1.0)
      method_source (~> 0.8.1)
      slop (~> 3.4)
    pry-byebug (3.0.1)
      byebug (~> 3.4)
      pry (~> 0.10)
    pry-rails (0.3.3)
      pry (>= 0.9.10)
    pry-rescue (1.4.1)
      interception (>= 0.5)
      pry
    pry-stack_explorer (0.4.9.2)
      binding_of_caller (>= 0.7)
      pry (>= 0.9.11)
    quiet_assets (1.1.0)
      railties (>= 3.1, < 5.0)
    rabl (0.9.4.pre1)
      activesupport (>= 2.3.14)
    rack (1.6.0)
    rack-contrib (1.2.0)
      rack (>= 0.9.1)
    rack-test (0.6.3)
      rack (>= 1.0)
    rails (4.2.0)
      actionmailer (= 4.2.0)
      actionpack (= 4.2.0)
      actionview (= 4.2.0)
      activejob (= 4.2.0)
      activemodel (= 4.2.0)
      activerecord (= 4.2.0)
      activesupport (= 4.2.0)
      bundler (>= 1.3.0, < 2.0)
      railties (= 4.2.0)
      sprockets-rails
    rails-deprecated_sanitizer (1.0.3)
      activesupport (>= 4.2.0.alpha)
    rails-dom-testing (1.0.5)
      activesupport (>= 4.2.0.beta, < 5.0)
      nokogiri (~> 1.6.0)
      rails-deprecated_sanitizer (>= 1.0.1)
    rails-html-sanitizer (1.0.1)
      loofah (~> 2.0)
    rails-observers (0.1.2)
      activemodel (~> 4.0)
    railties (4.2.0)
      actionpack (= 4.2.0)
      activesupport (= 4.2.0)
      rake (>= 0.8.7)
      thor (>= 0.18.1, < 2.0)
    rake (10.4.2)
    ransack (1.4.1)
      actionpack (>= 3.0)
      activerecord (>= 3.0)
      activesupport (>= 3.0)
      i18n
      polyamorous (~> 1.1)
    rdoc (4.2.0)
      json (~> 1.4)
    recaptcha (0.3.6)
    responders (2.1.0)
      railties (>= 4.2.0, < 5)
    rspec-core (3.2.1)
      rspec-support (~> 3.2.0)
    rspec-expectations (3.2.0)
      diff-lcs (>= 1.2.0, < 2.0)
      rspec-support (~> 3.2.0)
    rspec-mocks (3.2.1)
      diff-lcs (>= 1.2.0, < 2.0)
      rspec-support (~> 3.2.0)
    rspec-rails (3.2.1)
      actionpack (>= 3.0, < 4.3)
      activesupport (>= 3.0, < 4.3)
      railties (>= 3.0, < 4.3)
      rspec-core (~> 3.2.0)
      rspec-expectations (~> 3.2.0)
      rspec-mocks (~> 3.2.0)
      rspec-support (~> 3.2.0)
    rspec-support (3.2.2)
    sass (3.4.13)
    sass-rails (5.0.1)
      railties (>= 4.0.0, < 5.0)
      sass (~> 3.1)
      sprockets (>= 2.8, < 4.0)
      sprockets-rails (>= 2.0, < 4.0)
      tilt (~> 1.1)
    sdoc (0.4.1)
      json (~> 1.7, >= 1.7.7)
      rdoc (~> 4.0)
    select2-rails (3.5.9.1)
      thor (~> 0.14)
    slop (3.6.0)
    sprockets (2.12.3)
      hike (~> 1.2)
      multi_json (~> 1.0)
      rack (~> 1.0)
      tilt (~> 1.1, != 1.3.0)
    sprockets-rails (2.2.4)
      actionpack (>= 3.0)
      activesupport (>= 3.0)
      sprockets (>= 2.8, < 4.0)
    state_machines (0.2.2)
    state_machines-activemodel (0.1.2)
      activemodel (~> 4.1)
      state_machines (~> 0.2.0)
    state_machines-activerecord (0.2.0)
      activerecord (~> 4.1)
      state_machines-activemodel (~> 0.1.0)
    stringex (2.5.2)
    thor (0.19.1)
    thread_safe (0.3.4)
    tilt (1.4.1)
    truncate_html (0.9.2)
    turbolinks (2.5.3)
      coffee-rails
    twitter_cldr (3.1.2)
      camertron-eprun
      cldr-plurals-runtime-rb (~> 1.0.0)
      json
      tzinfo
    tzinfo (1.2.2)
      thread_safe (~> 0.1)
    uglifier (2.7.1)
      execjs (>= 0.3.0)
      json (>= 1.8.0)
    unicode_utils (1.4.0)
    versioncake (2.3.1)
      actionpack (>= 3.2)
      activesupport (>= 3.2)
      railties (>= 3.2)
      tzinfo
    warden (1.2.3)
      rack (>= 1.0)
    web-console (2.1.0)
      activemodel (>= 4.0)
      binding_of_caller (>= 0.7.2)
      railties (>= 4.0)
      sprockets-rails (>= 2.0, < 4.0)
    xpath (2.0.0)
      nokogiri (~> 1.3)
    xray-rails (0.1.15)
      coffee-rails
      rails (>= 3.1.0)

PLATFORMS
  ruby

DEPENDENCIES
  appsignal
  awesome_print
  aws-sdk (~> 1.61.0)
  better_errors
  binding_of_caller
  byebug
  capybara
  coffee-rails (~> 4.1.0)
  fancybox2-rails
  geoip
  jbuilder (~> 2.0)
  jquery-rails
  letter_opener_web (~> 1.2.0)
  meta_request
  mysql2
  pg
  pry-byebug
  pry-rails
  pry-rescue
  pry-stack_explorer
  quiet_assets
  rails (= 4.2.0)
  rails-observers
  rspec-rails (~> 3.0)
  sass-rails (~> 5.0)
  sdoc (~> 0.4.0)
  spree!
  spree_auth_devise!
  spree_brands_on_taxons!
  spree_contact_us!
  spree_email_to_friend!
  spree_html_email!
  spree_image_cropper!
  spree_impressions!
  spree_mail_settings!
  spree_mollie!
  spree_product_pdf!
  spree_slider!
  spree_static_content!
  spree_taxon_backgrounds!
  spree_taxon_filters!
  spree_ups_express_saver!
  spree_variant_options!
  turbolinks
  uglifier (>= 1.3.0)
  web-console (~> 2.0)
  xray-rails
